PATH
  remote: .
  specs:
    muxoro (0.0.1pre4)
      daemons (~> 1.1)
      lab42_options (~> 0.4)

GEM
  remote: https://rubygems.org/
  specs:
    coderay (1.1.0)
    daemons (1.1.9)
    diff-lcs (1.2.5)
    lab42_options (0.4.0)
    method_source (0.8.2)
    pry (0.9.12.6)
      coderay (~> 1.0)
      method_source (~> 0.8)
      slop (~> 3.4)
    pry-nav (0.2.3)
      pry (~> 0.9.10)
    rspec (2.14.1)
      rspec-core (~> 2.14.0)
      rspec-expectations (~> 2.14.0)
      rspec-mocks (~> 2.14.0)
    rspec-core (2.14.8)
    rspec-expectations (2.14.5)
      diff-lcs (>= 1.1.3, < 2.0)
    rspec-mocks (2.14.6)
    slop (3.5.0)
    timecop (0.7.1)

PLATFORMS
  ruby

DEPENDENCIES
  bundler (~> 1.6)
  muxoro!
  pry (~> 0.9)
  pry-nav (~> 0.2)
  rspec (~> 2.14)
  timecop (~> 0.7)
